GEM
  remote: https://rubygems.org/
  specs:
    diff-lcs (1.2.5)
    highline (1.6.20)
    net-ssh (2.7.0)
    rake (10.1.1)
    rspec (2.14.1)
      rspec-core (~> 2.14.0)
      rspec-expectations (~> 2.14.0)
      rspec-mocks (~> 2.14.0)
    rspec-core (2.14.7)
    rspec-expectations (2.14.4)
      diff-lcs (>= 1.1.3, < 2.0)
    rspec-mocks (2.14.4)
    serverspec (0.14.2)
      highline
      net-ssh
      rspec (>= 2.13.0)
      specinfra (>= 0.1.0)
    specinfra (0.1.1)

PLATFORMS
  ruby

DEPENDENCIES
  rake
  serverspec
